PATH
  remote: .
  specs:
    documentary (0.2.0)
      activesupport
      builder

GEM
  remote: https://rubygems.org/
  specs:
    activesupport (4.2.6)
      i18n (~> 0.7)
      json (~> 1.7, >= 1.7.7)
      minitest (~> 5.1)
      thread_safe (~> 0.3, >= 0.3.4)
      tzinfo (~> 1.1)
    builder (3.2.2)
    byebug (9.0.5)
    i18n (0.7.0)
    json (1.8.3)
    minitest (5.4.3)
    rake (10.3.2)
    thread_safe (0.3.5)
    tzinfo (1.2.2)
      thread_safe (~> 0.1)

PLATFORMS
  ruby

DEPENDENCIES
  byebug
  documentary!
  minitest (~> 5.4.3)
  rake (~> 10.3.2)

BUNDLED WITH
   1.12.5
