PATH
  remote: .
  specs:
    documentary (0.0.1)

GEM
  remote: https://rubygems.org/
  specs:
    coderay (1.1.0)
    method_source (0.8.2)
    minitest (5.4.3)
    pry (0.10.1)
      coderay (~> 1.1.0)
      method_source (~> 0.8.1)
      slop (~> 3.4)
    rake (10.3.2)
    slop (3.6.0)

PLATFORMS
  ruby

DEPENDENCIES
  documentary!
  minitest (~> 5.4.3)
  pry
  rake (~> 10.3.2)
