PATH
  remote: .
  specs:
    documentary (0.0.1)

GEM
  remote: https://rubygems.org/
  specs:
    minitest (5.4.3)
    rake (10.3.2)

PLATFORMS
  ruby

DEPENDENCIES
  documentary!
  minitest (~> 5.4.3)
  rake (~> 10.3.2)
